PATH
  remote: .
  specs:
    modyo (0.4.0)
      oauth2
      rack-p3p

GEM
  remote: http://rubygems.org/
  specs:
    faraday (0.9.0)
      multipart-post (>= 1.2, < 3)
    jwt (1.0.0)
    multi_json (1.10.1)
    multi_xml (0.5.5)
    multipart-post (2.0.0)
    oauth2 (1.0.0)
      faraday (>= 0.8, < 0.10)
      jwt (~> 1.0)
      multi_json (~> 1.3)
      multi_xml (~> 0.5)
      rack (~> 1.2)
    rack (1.5.2)
    rack-p3p (0.5.0)
      rack (>= 1.0.1)

PLATFORMS
  ruby

DEPENDENCIES
  modyo!
