PATH
  remote: .
  specs:
    modyo (0.3.9)
      nokogiri
      oauth (~> 0.4.2)
      rack-p3p

GEM
  remote: http://rubygems.org/
  specs:
    mini_portile2 (2.4.0)
    nokogiri (1.10.10)
      mini_portile2 (~> 2.4.0)
    oauth (0.4.5)
    rack (1.4.1)
    rack-p3p (0.5.0)
      rack (>= 1.0.1)

PLATFORMS
  ruby

DEPENDENCIES
  modyo!
