PATH
  remote: .
  specs:
    modyo (0.2.3)
      nokogiri
      oauth (~> 0.4.2)

GEM
  remote: http://rubygems.org/
  specs:
    nokogiri (1.5.0)
    oauth (0.4.5)

PLATFORMS
  ruby

DEPENDENCIES
  modyo!
