PATH
  remote: .
  specs:
    modyo (0.3.9)
      nokogiri
      oauth (~> 0.4.2)
      rack-p3p

GEM
  remote: http://rubygems.org/
  specs:
    nokogiri (1.5.2)
    oauth (0.4.5)
    rack (1.4.1)
    rack-p3p (0.5.0)
      rack (>= 1.0.1)

PLATFORMS
  ruby

DEPENDENCIES
  modyo!
